GEM
  remote: https://rubygems.org/
  specs:
    activemodel (7.0.4)
      activesupport (= 7.0.4)
    activerecord (7.0.4)
      activemodel (= 7.0.4)
      activesupport (= 7.0.4)
    activesupport (7.0.4)
      concurrent-ruby (~> 1.0, >= 1.0.2)
      i18n (>= 1.6, < 2)
      minitest (>= 5.1)
      tzinfo (~> 2.0)
    coderay (1.1.3)
    colorize (0.8.1)
    concurrent-ruby (1.1.10)
    i18n (1.12.0)
      concurrent-ruby (~> 1.0)
    method_source (1.0.0)
    minitest (5.16.3)
    mustermann (3.0.0)
      ruby2_keywords (~> 0.0.1)
    nokogiri (1.13.8-x86_64-linux)
      racc (~> 1.4)
    pry (0.14.1)
      coderay (~> 1.1)
      method_source (~> 1.0)
    racc (1.5.2)
    rack (2.2.4)
    rack-protection (3.0.2)
      rack
    rake (13.0.6)
    require_all (3.0.0)
    ruby2_keywords (0.0.5)
    sinatra (3.0.2)
      mustermann (~> 3.0)
      rack (~> 2.2, >= 2.2.4)
      rack-protection (= 3.0.2)
      tilt (~> 2.0)
    tilt (2.0.11)
    tzinfo (2.0.5)
      concurrent-ruby (~> 1.0)

PLATFORMS
  x86_64-linux

DEPENDENCIES
  activerecord
  colorize
  nokogiri
  pry
  rake
  require_all
  sinatra

BUNDLED WITH
   2.3.16
